{
  "SubjectArtefactDescription": "n/a",
  "PowerLineFrequency": 60,
  "SoftwareFilters": {
    "FilterDescription": {
      "Description": ".1-30Hz"
    }
  },
  "HardwareFilters": {
    "FilterDescription": {
      "Description": "DC-200Hz"
    }
  },
  "SoftwareVersions": "Curry 7.0",
  "ManufacturersModelName": "SynAmpsRT",
  "Manufacturer": "Neuroscan-Compumedics",
  "EEGPlacementScheme": "custom",
  "EEGGround": "between FPz and Fz",
  "EEGReference": "Left Mastoid",
  "CapManufacturersModelName": "29 site tin electrodes",
  "CapManufacturer": "Electro-Cap International, INC",
  "InstitutionAddress": "San Diego, CA. U.S.A.",
  "InstitutionalDepartmentName": "Speech Language and Hearing Sciences",
  "InstitutionName": "San Diego State University",
  "TaskName": "FlankerNEAR",
  "RecordingType": "continuous",
  "RecordingDuration": 890.88,
  "SamplingFrequency": 500
}